GEM
  remote: https://rubygems.org/
  specs:
    ansi (1.4.3)
    dotenv (0.10.0)
    elasticsearch (1.0.1)
      elasticsearch-api (= 1.0.1)
      elasticsearch-transport (= 1.0.1)
    elasticsearch-api (1.0.1)
      multi_json
    elasticsearch-transport (1.0.1)
      faraday
      multi_json
    faraday (0.9.0)
      multipart-post (>= 1.2, < 3)
    groff_parser (0.3.0)
    http_router (0.11.1)
      rack (>= 1.0.0)
      url_mount (~> 0.2.1)
    lotus-controller (0.1.0)
      lotus-utils (~> 0.1)
      rack (~> 1.5)
    lotus-router (0.1.0)
      http_router (~> 0)
      lotus-utils (~> 0)
    lotus-utils (0.1.0)
    lotus-view (0.1.0)
      lotus-utils (~> 0.1)
      tilt (~> 2.0, >= 2.0.1)
    minitest (4.7.5)
    minitest-ansi (0.1.3)
      ansi (~> 1.3)
      minitest (>= 2.5, < 5.0)
    multi_json (1.9.2)
    multipart-post (2.0.0)
    oj (2.7.2)
    patron (0.4.18)
    puma (2.8.1)
      rack (>= 1.1, < 2.0)
    rack (1.5.2)
    rack-test (0.6.2)
      rack (>= 1.0)
    shotgun (0.9)
      rack (>= 1.0)
    simplecov (0.7.1)
      multi_json (~> 1.0)
      simplecov-html (~> 0.7.1)
    simplecov-html (0.7.1)
    sprockets (1.0.2)
    tilt (2.0.1)
    url_mount (0.2.1)
      rack

PLATFORMS
  ruby

DEPENDENCIES
  dotenv (~> 0.10.0)
  elasticsearch (~> 1.0.1)
  groff_parser (~> 0.3.0)
  lotus-controller (~> 0.1.0)
  lotus-router (~> 0.1.0)
  lotus-utils (~> 0.1.0)
  lotus-view (~> 0.1.0)
  minitest (~> 4.7.1)
  minitest-ansi (~> 0.1.2)
  oj (~> 2.7.1)
  patron (~> 0.4.18)
  puma
  rack-test (~> 0.6.2)
  shotgun (~> 0.9)
  simplecov (~> 0.7.1)
  sprockets (~> 1.0.2)
