GEM
  remote: https://rubygems.org/
  specs:
    activesupport (4.0.4)
      i18n (~> 0.6, >= 0.6.9)
      minitest (~> 4.2)
      multi_json (~> 1.3)
      thread_safe (~> 0.1)
      tzinfo (~> 0.3.37)
    ansi (1.4.3)
    dotenv (0.10.0)
    factory_girl (4.4.0)
      activesupport (>= 3.0.0)
    faker (1.3.0)
      i18n (~> 0.5)
    http_router (0.11.1)
      rack (>= 1.0.0)
      url_mount (~> 0.2.1)
    i18n (0.6.9)
    lotus-controller (0.1.0)
      lotus-utils (~> 0.1)
      rack (~> 1.5)
    lotus-router (0.1.0)
      http_router (~> 0)
      lotus-utils (~> 0)
    lotus-utils (0.1.0)
    lotus-view (0.1.0)
      lotus-utils (~> 0.1)
      tilt (~> 2.0, >= 2.0.1)
    metaclass (0.0.4)
    minitest (4.7.5)
    minitest-ansi (0.1.3)
      ansi (~> 1.3)
      minitest (>= 2.5, < 5.0)
    mocha (1.0.0)
      metaclass (~> 0.0.1)
    multi_json (1.9.2)
    puma (2.8.1)
      rack (>= 1.1, < 2.0)
    rack (1.5.2)
    rack-test (0.6.2)
      rack (>= 1.0)
    shotgun (0.9)
      rack (>= 1.0)
    simplecov (0.7.1)
      multi_json (~> 1.0)
      simplecov-html (~> 0.7.1)
    simplecov-html (0.7.1)
    thread_safe (0.3.2)
    tilt (2.0.1)
    tzinfo (0.3.39)
    url_mount (0.2.1)
      rack
    yajl-ruby (1.2.0)

PLATFORMS
  ruby

DEPENDENCIES
  dotenv (~> 0.10.0)
  factory_girl (~> 4.4.0)
  faker (~> 1.3.0)
  lotus-controller (~> 0.1.0)
  lotus-router (~> 0.1.0)
  lotus-utils (~> 0.1.0)
  lotus-view (~> 0.1.0)
  minitest (~> 4.7.1)
  minitest-ansi (~> 0.1.2)
  mocha (~> 1.0.0)
  puma
  rack-test (~> 0.6.2)
  shotgun (~> 0.9)
  simplecov (~> 0.7.1)
  yajl-ruby (~> 1.2.0)
